[System]
Scanner=SkyScan1272
Instrument S/N=15G09089-B
Software Version=1.1.19
Home Directory=C:\SkyScan1272\SkyScan1272
Source Type=HAMAMATSU_L11871_20
Camera Type=XIMEA xiRAY16
Camera Pixel Size (um)=7.4
Camera X/Y Ratio=1.0023
[User]
User Name=haberthu
Computer Name=ANAMIC02
[Acquisition]
Data Directory=D:\Results\ZMK\ToothBattallion\1
Filename Prefix=Tooth001~00
Filename Index Length=8
Number Of Files=  319
Number Of Rows= 1092
Number Of Columns= 1632
Partial Width=OFF
Image crop origin X=0
Image crop origin Y=0
Camera binning=3x3
Image Rotation=0.13600
Optical Axis (line)=  580
Camera to Source (mm)=174.07267
Object to Source (mm)=67.11594
Source Voltage (kV)=  80
Source Current (uA)= 125
Image Pixel Size (um)=8.559493
Scaled Image Pixel Size (um)=8.559493
Image Format=TIFF
Depth (bits)=16
Reference Intensity=57000
Camera position=close
Exposure (ms)=950
Rotation Step (deg)=0.600
Use 360 Rotation=NO
Scanning position=45.000 mm
Frame Averaging=ON (3)
Random Movement=OFF (30)
Flat Field Correction=ON
Geometrical Correction=ON
Filter=Al 1mm
Gantry direction=CC
Rotation Direction=CC
Type of Detector Motion=STEP AND SHOOT
Scanning Trajectory=ROUND
Number Of Horizontal Offset Positions=1
Number of connected scans=5
Current scan number=1
Number of lines to be reconstructed=715
Study Date and Time=22 Jun 2020  09h:42m:57s
Scan duration=0h:26m:29s
Maximum vertical TS=5.0
[Reconstruction]
Reconstruction Program=NRecon
Program Version=Version: 1.7.4.6
Program Home Directory=C:\SkyScan1272\SkyScan1272
Reconstruction engine=GPUReconServer
Engine version=Version: 1.7.4
Reconstruction from batch=Yes
Postalignment Applied=1
Connected Reconstruction (parts)=4
Sub-scan post alignment [0]=-11.000000
Sub-scan post alignment [1]=-10.500000
Sub-scan post alignment [2]=-10.000000
Sub-scan post alignment [3]=-9.500000
Sub-scan scan length [0]=581
Sub-scan scan length [1]=580
Sub-scan scan length [2]=580
Sub-scan scan length [3]=715
Used extra rotation per scan(deg)= 0.000  0.000  0.000  0.000 
Used extra shift in X per scan(micron)= 0.000  -4.148  -8.481  -12.585 
Used extra shift in Y per scan(micron)= 0.000  3.746  -9.067  -29.654 
Reconstruction servers= ANAMIC02 
Dataset Origin=SkyScan1272
Dataset Prefix=Tooth001~03
Dataset Directory=D:\Results\ZMK\ToothBattallion\1
Output Directory=D:\Results\ZMK\ToothBattallion\1\rec
Time and Date=22 Jun 2020  15h:31m:15s
First Section=455
Last Section=2482
Reconstruction duration per slice (seconds)=0.340987
Total reconstruction time (1742 slices) in seconds=594.000000
Transformation applied=NO
Section to Section Step=1
Sections Count=2028
Result File Type=PNG
Result File Header Length (bytes)=Unknown: compressed JPG format (100%)
Result Image Width (pixels)=1632
Result Image Height (pixels)=1632
Pixel Size (um)=8.55949
Reconstruction Angular Range (deg)=191.40
Use 180+=OFF
Angular Step (deg)=0.6000
Smoothing=0
Ring Artifact Correction=14
Draw Scales=OFF
Object Bigger than FOV=OFF
Reconstruction from ROI=OFF
Filter cutoff relative to Nyquist frequency=100
Filter type=0
Filter type description=Hamming (Alpha=0.54)
Undersampling factor=1
Threshold for defect pixel mask (%)=0
Beam Hardening Correction (%)=0
CS Static Rotation (deg)=0.00
CS Static Rotation Total(deg)=0.00
Minimum for CS to Image Conversion=0.000000
Maximum for CS to Image Conversion=0.180000
HU Calibration=OFF
BMP LUT=0
Cone-beam Angle Horiz.(deg)=11.882416
Cone-beam Angle Vert.(deg)=7.966494
