[System]
Scanner=SkyScan1272
Instrument S/N=15G09089-B
Software Version=1.1.19
Home Directory=C:\SkyScan1272\SkyScan1272
Source Type=HAMAMATSU_L11871_20
Camera Type=XIMEA xiRAY16
Camera Pixel Size (um)=7.4
Camera X/Y Ratio=1.0023
[User]
User Name=haberthu
Computer Name=ANAMIC02
[Acquisition]
Data Directory=D:\Results\ZMK\ToothBattallion\41
Filename Prefix=Tooth041~00
Filename Index Length=8
Number Of Files=  322
Number Of Rows= 1092
Number Of Columns= 1632
Partial Width=OFF
Image crop origin X=0
Image crop origin Y=0
Camera binning=3x3
Image Rotation=0.13600
Optical Axis (line)=  580
Camera to Source (mm)=174.07267
Object to Source (mm)=78.41100
Source Voltage (kV)=  80
Source Current (uA)= 125
Image Pixel Size (um)=9.999986
Scaled Image Pixel Size (um)=9.999986
Image Format=TIFF
Depth (bits)=16
Reference Intensity=57000
Camera position=close
Exposure (ms)=950
Rotation Step (deg)=0.600
Use 360 Rotation=NO
Scanning position=36.000 mm
Frame Averaging=ON (3)
Random Movement=OFF (30)
Flat Field Correction=ON
Geometrical Correction=ON
Filter=Al 1mm
Gantry direction=CC
Rotation Direction=CC
Type of Detector Motion=STEP AND SHOOT
Scanning Trajectory=ROUND
Number Of Horizontal Offset Positions=1
Number of connected scans=5
Current scan number=1
Number of lines to be reconstructed=711
Study Date and Time=01 Jul 2020  22h:59m:42s
Scan duration=0h:26m:39s
Maximum vertical TS=5.0
[Reconstruction]
Reconstruction Program=NRecon
Program Version=Version: 1.7.4.6
Program Home Directory=C:\SkyScan1272\SkyScan1272
Reconstruction engine=GPUReconServer
Engine version=Version: 1.7.4
Reconstruction from batch=Yes
Postalignment Applied=1
Connected Reconstruction (parts)=5
Sub-scan post alignment [0]=19.500000
Sub-scan post alignment [1]=19.500000
Sub-scan post alignment [2]=17.500000
Sub-scan post alignment [3]=18.000000
Sub-scan post alignment [4]=10.500000
Sub-scan scan length [0]=713
Sub-scan scan length [1]=713
Sub-scan scan length [2]=711
Sub-scan scan length [3]=666
Sub-scan scan length [4]=711
Used extra rotation per scan(deg)= 0.000  0.000  0.000  0.000  0.000 
Used extra shift in X per scan(micron)= 0.000  -4.963  -0.256  4.719  -0.272 
Used extra shift in Y per scan(micron)= 0.000  4.986  9.726  -14.698  -69.697 
Reconstruction servers= ANAMIC02 
Dataset Origin=SkyScan1272
Dataset Prefix=Tooth041~03
Dataset Directory=D:\Results\ZMK\ToothBattallion\41
Output Directory=D:\Results\ZMK\ToothBattallion\41\rec
Time and Date=02 Jul 2020  10h:55m:17s
First Section=767
Last Section=3032
Reconstruction duration per slice (seconds)=0.318522
Total reconstruction time (2138 slices) in seconds=681.000000
Section to Section Step=1
Sections Count=2266
Result File Type=PNG
Result File Header Length (bytes)=Unknown: compressed JPG format (100%)
Result Image Width (pixels)=1632
Result Image Height (pixels)=1632
Pixel Size (um)=9.99999
Reconstruction Angular Range (deg)=193.20
Use 180+=OFF
Angular Step (deg)=0.6000
Smoothing=0
Ring Artifact Correction=14
Draw Scales=OFF
Object Bigger than FOV=OFF
Reconstruction from ROI=OFF
Filter cutoff relative to Nyquist frequency=100
Filter type=0
Filter type description=Hamming (Alpha=0.54)
Undersampling factor=1
Threshold for defect pixel mask (%)=0
Beam Hardening Correction (%)=0
CS Static Rotation (deg)=0.00
CS Static Rotation Total(deg)=0.00
Minimum for CS to Image Conversion=0.000000
Maximum for CS to Image Conversion=0.180000
HU Calibration=OFF
BMP LUT=0
Cone-beam Angle Horiz.(deg)=11.882415
Cone-beam Angle Vert.(deg)=7.966494
Automatic matching in Z=50
Automatic matching in X/Y=50
Automatic matching in rotation=5.000000
Automatic fusion=1
[File name convention]
Filename Index Length=8
Filename Prefix=Tooth041_rec
