[System]
Scanner=SkyScan1272
Instrument S/N=15G09089-B
Software Version=1.1.9
Home Directory=C:\SkyScan1272\SkyScan1272
Source Type=HAMAMATSU_L11871_20
Camera Type=XIMEA xiRAY16
Camera Pixel Size (um)=7.4
Camera X/Y Ratio=1.0035
[User]
User Name=haberthu
Computer Name=ANAMIC02
[Acquisition]
Data Directory=D:\Results\Zebra-Fish_Matthias\Swimmer01\proj
Filename Prefix=Swimmer01
Filename Index Length=8
Number Of Files= 3755
Number Of Rows= 3280
Number Of Columns= 4904
Partial Width=OFF
Image crop origin X=0
Image crop origin Y=0
Camera binning=1x1
Image Rotation=-0.15100
Optical Axis (line)= 1685
Camera to Source (mm)=272.13988
Object to Source (mm)=60.68906
Source Voltage (kV)=  50
Source Current (uA)= 200
Image Pixel Size (um)=1.650028
Scaled Image Pixel Size (um)=1.650028
Image Format=TIFF
Depth (bits)=16
Reference Intensity=57000
Exposure (ms)=1898
Rotation Step (deg)=0.050
Use 360 Rotation=NO
Scanning position=16.880 mm
Frame Averaging=ON (6)
Random Movement=OFF (30)
Flat Field Correction=ON
FF updating interval=342
Geometrical Correction=ON
Filter=No Filter
Gantry direction=CC
Rotation Direction=CC
Type of Detector Motion=STEP AND SHOOT
Scanning Trajectory=ROUND
Number Of Horizontal Offset Positions=1
Study Date and Time=22 Feb 2018  07h:18m:31s
Scan duration=14h:4m:44s
Maximum vertical TS=9.0
Maximum horizontal TS=4.0
TS modified at=February22,15:28:20 ---  3755 of 3755 projections
TS modified according to=F:\Zebra-Fish_Matthias\Swimmer01\proj\Swimmer01_TS.csv
TS modified at level=0
[Reconstruction]
Reconstruction Program=NRecon
Program Version=Version: 1.7.1.0
Program Home Directory=C:\Program Files\NReconServerLocal64
Reconstruction engine=GPUReconServer
Engine version=Version: 1.7.1
Reconstruction from batch=Yes
Postalignment=13.00
Reconstruction servers= ANAKLIN03 
Dataset Origin=SkyScan1272
Dataset Prefix=Swimmer01
Dataset Directory=G:\Zebra-Fish_Matthias\Swimmer01\proj
Output Directory=G:\Zebra-Fish_Matthias\Swimmer01\rec
Time and Date=Mar 02, 2018  17:52:24
First Section=112
Last Section=3173
Reconstruction duration per slice (seconds)=1.425212
Total reconstruction time (3062 slices) in seconds=4364.000000
Section to Section Step=1
Sections Count=3062
Result File Type=PNG
Result File Header Length (bytes)=Unknown: compressed JPG format (100%)
Result Image Width (pixels)=2524
Result Image Height (pixels)=2524
Pixel Size (um)=1.65003
Reconstruction Angular Range (deg)=187.75
Use 180+=OFF
Angular Step (deg)=0.0500
Smoothing=0
Ring Artifact Correction=20
Draw Scales=OFF
Object Bigger than FOV=OFF
Reconstruction from ROI=ON
ROI Top (pixels)=3095
ROI Bottom (pixels)=568
ROI Left (pixels)=1640
ROI Right (pixels)=4167
ROI reference length=4904
Filter cutoff relative to Nyquist frequency=100
Filter type=0
Filter type description=Hamming (Alpha=0.54)
Undersampling factor=1
Threshold for defect pixel mask (%)=0
Beam Hardening Correction (%)=10
CS Static Rotation (deg)=233.56
Minimum for CS to Image Conversion=0.000000
Maximum for CS to Image Conversion=0.192730
HU Calibration=OFF
BMP LUT=0
Cone-beam Angle Horiz.(deg)=7.628021
Cone-beam Angle Vert.(deg)=5.106106
